{
    "TaskName": "imagery",
    "Manufacturer": "g.tec",
    "PowerLineFrequency": 50.0,
    "SamplingFrequency": 512.0,
    "SoftwareFilters": {
        "preprocessing_steps": {
            "Description": "bandpass filtering"
        }
    },
    "RecordingDuration": 222.998046875,
    "RecordingType": "continuous",
    "EEGReference": "left mastoid",
    "EEGGround": "right mastoid",
    "EEGPlacementScheme": "Laplacian",
    "EEGChannelCount": 15,
    "EOGChannelCount": 0,
    "ECGChannelCount": 0,
    "EMGChannelCount": 0,
    "TriggerChannelCount": 0,
    "ManufacturersModelName": "g.USBamp",
    "SoftwareVersions": "BCI2000",
    "CapManufacturer": "Guger Technologies OG",
    "CapManufacturersModelName": "g.LADYbird",
    "HardwareFilters": {
        "HardwareFilter": {
            "Description": "8th order Butterworth band-pass filters"
        }
    },
    "TaskDescription": "Two-class motor imagery: right hand and feet. Cue-guided Graz-BCI training paradigm with recording, training, and feedback within a single session. Trial duration: 5.0s, imagery: 5.0s.",
    "Instructions": "n/a",
    "CogAtlasID": "https://www.cognitiveatlas.org/task/id/trm_4c8a834779883/",
    "InstitutionName": "Graz University of Technology",
    "InstitutionAddress": "Austria",
    "InstitutionalDepartmentName": "Institute for Knowledge Discovery, Laboratory of Brain-Computer Interfaces",
    "SubjectArtefactDescription": "n/a",
    "DeviceSerialNumber": "n/a",
    "Description": "EEG recording.",
    "MISCChannelCount": 0
}